GEM
  remote: http://rubygems.org/
  specs:
    activesupport (5.2.3)
      concurrent-ruby (~> 1.0, >= 1.0.2)
      i18n (>= 0.7, < 2)
      minitest (~> 5.1)
      tzinfo (~> 1.1)
    ast (2.4.0)
    childprocess (0.9.0)
      ffi (~> 1.0, >= 1.0.11)
    concurrent-ruby (1.1.5)
    diff-lcs (1.3)
    eventmachine (1.2.7)
    faye-websocket (0.10.7)
      eventmachine (>= 0.12.0)
      websocket-driver (>= 0.5.1)
    ffi (1.10.0)
    i18n (1.6.0)
      concurrent-ruby (~> 1.0)
    jaro_winkler (1.5.2)
    membrane (1.1.0)
    middleware (0.1.0)
    minitest (5.11.3)
    mustermann (1.0.3)
    mysql2 (0.5.2)
    nats (0.10.0)
      eventmachine (~> 1.2, >= 1.2)
    net-sftp (2.1.2)
      net-ssh (>= 2.6.5)
    net-ssh (5.2.0)
    parallel (1.17.0)
    parse-cron (0.1.4)
    parser (2.6.2.1)
      ast (~> 2.4.0)
    pg (1.1.4)
    protobuf (3.10.0)
      activesupport (>= 3.2)
      middleware
      thor
      thread_safe
    psych (3.1.0)
    rack (2.0.7)
    rack-protection (2.0.5)
      rack
    rack-ssl (1.4.1)
      rack
    rainbow (3.0.0)
    rspec (3.8.0)
      rspec-core (~> 3.8.0)
      rspec-expectations (~> 3.8.0)
      rspec-mocks (~> 3.8.0)
    rspec-core (3.8.0)
      rspec-support (~> 3.8.0)
    rspec-expectations (3.8.2)
      diff-lcs (>= 1.2.0, < 2.0)
      rspec-support (~> 3.8.0)
    rspec-mocks (3.8.0)
      diff-lcs (>= 1.2.0, < 2.0)
      rspec-support (~> 3.8.0)
    rspec-support (3.8.0)
    rubocop (0.67.2)
      jaro_winkler (~> 1.5.1)
      parallel (~> 1.10)
      parser (>= 2.5, != 2.5.1.1)
      psych (>= 3.1.0)
      rainbow (>= 2.2.2, < 4.0)
      ruby-progressbar (~> 1.7)
      unicode-display_width (>= 1.4.0, < 1.6)
    rubocop-performance (1.1.0)
      rubocop (>= 0.67.0)
    ruby-progressbar (1.10.0)
    rubyzip (1.2.2)
    selenium-webdriver (3.141.0)
      childprocess (~> 0.5)
      rubyzip (~> 1.2, >= 1.2.2)
    sequel (5.19.0)
    sequel_pg (1.12.0)
      pg (>= 0.18.0)
      sequel (>= 4.38.0)
    sinatra (2.0.5)
      mustermann (~> 1.0)
      rack (~> 2.0)
      rack-protection (= 2.0.5)
      tilt (~> 2.0)
    sqlite3 (1.4.0)
    thor (0.20.3)
    thread_safe (0.3.6)
    tilt (2.0.9)
    tzinfo (1.2.5)
      thread_safe (~> 0.1)
    unicode-display_width (1.5.0)
    websocket-driver (0.7.0)
      websocket-extensions (>= 0.1.0)
    websocket-extensions (0.1.3)
    yajl-ruby (1.4.1)

PLATFORMS
  ruby

DEPENDENCIES
  faye-websocket (= 0.10.7)
  membrane (= 1.1.0)
  mysql2 (= 0.5.2)
  nats (= 0.10.0)
  net-sftp (= 2.1.2)
  parse-cron (= 0.1.4)
  protobuf (= 3.10.0)
  rack-ssl (= 1.4.1)
  rspec (= 3.8.0)
  rubocop (= 0.67.2)
  rubocop-performance (= 1.1.0)
  selenium-webdriver (= 3.141.0)
  sequel (= 5.19.0)
  sequel_pg (= 1.12.0)
  sinatra (= 2.0.5)
  sqlite3 (= 1.4.0)
  yajl-ruby (= 1.4.1)

RUBY VERSION
   ruby 2.4.5p335

BUNDLED WITH
   1.17.3
