GEM
  remote: http://rubygems.org/
  specs:
    childprocess (0.5.3)
      ffi (~> 1.0, >= 1.0.11)
    daemons (1.1.9)
    diff-lcs (1.2.5)
    eventmachine (1.0.3)
    ffi (1.9.3)
    json_pure (1.8.1)
    membrane (1.1.0)
    multi_json (1.10.1)
    nats (0.4.28)
      daemons (>= 1.1.5)
      eventmachine (= 1.0.3)
      json_pure (>= 1.7.3)
      thin (>= 1.4.1)
    net-sftp (2.1.2)
      net-ssh (>= 2.6.5)
    net-ssh (2.9.1)
    parse-cron (0.1.4)
    pg (0.17.1)
    rack (1.5.2)
    rack-protection (1.5.3)
      rack
    rack-ssl (1.4.1)
      rack
    rspec (2.14.1)
      rspec-core (~> 2.14.0)
      rspec-expectations (~> 2.14.0)
      rspec-mocks (~> 2.14.0)
    rspec-core (2.14.8)
    rspec-expectations (2.14.5)
      diff-lcs (>= 1.1.3, < 2.0)
    rspec-mocks (2.14.6)
    rubyzip (1.1.6)
    selenium-webdriver (2.42.0)
      childprocess (>= 0.5.0)
      multi_json (~> 1.0)
      rubyzip (~> 1.0)
      websocket (~> 1.0.4)
    sequel (4.14.0)
    sequel_pg (1.6.10)
      pg (>= 0.8.0)
      sequel (>= 3.39.0)
    sinatra (1.4.5)
      rack (~> 1.4)
      rack-protection (~> 1.4)
      tilt (~> 1.3, >= 1.3.4)
    sqlite3 (1.3.9)
    thin (1.5.1)
      daemons (>= 1.0.9)
      eventmachine (>= 0.12.6)
      rack (>= 1.0.0)
    tilt (1.4.1)
    websocket (1.0.7)
    yajl-ruby (1.2.1)

PLATFORMS
  ruby

DEPENDENCIES
  membrane (= 1.1.0)
  nats (= 0.4.28)
  net-sftp (= 2.1.2)
  parse-cron (= 0.1.4)
  rack-ssl (= 1.4.1)
  rspec (= 2.14.1)
  selenium-webdriver (= 2.42.0)
  sequel (= 4.14.0)
  sequel_pg (= 1.6.10)
  sinatra (= 1.4.5)
  sqlite3 (= 1.3.9)
  yajl-ruby (= 1.2.1)
