GEM
  remote: http://rubygems.org/
  specs:
    childprocess (0.5.1)
      ffi (~> 1.0, >= 1.0.11)
    daemons (1.1.9)
    diff-lcs (1.2.4)
    eventmachine (1.0.3)
    ffi (1.9.3)
    json_pure (1.8.1)
    membrane (0.0.2)
    multi_json (1.9.2)
    nats (0.4.26)
      daemons (>= 1.1.5)
      eventmachine (>= 0.12.10)
      json_pure (>= 1.7.3)
      thin (>= 1.4.1)
    net-sftp (2.1.2)
      net-ssh (>= 2.6.5)
    net-ssh (2.7.0)
    parse-cron (0.1.4)
    rack (1.5.2)
    rack-protection (1.5.1)
      rack
    rspec (2.14.1)
      rspec-core (~> 2.14.0)
      rspec-expectations (~> 2.14.0)
      rspec-mocks (~> 2.14.0)
    rspec-core (2.14.7)
    rspec-expectations (2.14.3)
      diff-lcs (>= 1.1.3, < 2.0)
    rspec-mocks (2.14.4)
    rubyzip (1.1.2)
    selenium-webdriver (2.39.0)
      childprocess (>= 0.2.5)
      multi_json (~> 1.0)
      rubyzip (~> 1.0)
      websocket (~> 1.0.4)
    sinatra (1.4.2)
      rack (~> 1.5, >= 1.5.2)
      rack-protection (~> 1.4)
      tilt (~> 1.3, >= 1.3.4)
    thin (1.6.1)
      daemons (>= 1.0.9)
      eventmachine (>= 1.0.0)
      rack (>= 1.0.0)
    tilt (1.3.7)
    websocket (1.0.7)
    yajl-ruby (0.8.3)

PLATFORMS
  ruby

DEPENDENCIES
  membrane (= 0.0.2)
  nats (= 0.4.26)
  net-sftp (= 2.1.2)
  parse-cron (= 0.1.4)
  rspec
  selenium-webdriver (= 2.39.0)
  sinatra (= 1.4.2)
  tilt (= 1.3.7)
  yajl-ruby (= 0.8.3)
